PATH
  remote: .
  specs:
    foursquare2 (1.9.8)
      faraday (~> 0.9)
      hashie (>= 1.0, < 3.0.0)

GEM
  remote: https://rubygems.org/
  specs:
    awesome_print (1.0.2)
    fakeweb (1.3.0)
    faraday (0.9.0)
      multipart-post (>= 1.2, < 3)
    git (1.2.5)
    hashie (2.0.5)
    jeweler (1.6.4)
      bundler (~> 1.0)
      git (>= 1.2.5)
      rake
    jnunemaker-matchy (0.4.0)
    json_pure (1.5.1)
    metaclass (0.0.4)
    mocha (1.0.0)
      metaclass (~> 0.0.1)
    multi_json (1.0.2)
    multipart-post (2.0.0)
    rake (10.1.0)
    shoulda (2.11.3)
    simplecov (0.7.1)
      multi_json (~> 1.0)
      simplecov-html (~> 0.7.1)
    simplecov-html (0.7.1)

PLATFORMS
  ruby

DEPENDENCIES
  awesome_print
  bundler (~> 1.0)
  fakeweb (~> 1.3)
  foursquare2!
  jeweler (~> 1.5)
  jnunemaker-matchy (~> 0.4)
  json_pure (~> 1.4)
  mocha (~> 1.0.0)
  multi_json (>= 0.0.5, < 2.0.0)
  shoulda
  simplecov (~> 0.7.1)
